NUGET
  remote: https://www.nuget.org/api/v2
    NUnit (3.4.1)
